PATH
  remote: .
  specs:
    mascut (0.0.7)
      haml (~> 3.0)
      rack

GEM
  remote: http://rubygems.org/
  specs:
    diff-lcs (1.1.3)
    haml (3.1.4)
    rack (1.3.5)
    rake (0.9.2.2)
    rr (1.0.4)
    rspec (2.7.0)
      rspec-core (~> 2.7.0)
      rspec-expectations (~> 2.7.0)
      rspec-mocks (~> 2.7.0)
    rspec-core (2.7.1)
    rspec-expectations (2.7.0)
      diff-lcs (~> 1.1.2)
    rspec-mocks (2.7.0)

PLATFORMS
  ruby

DEPENDENCIES
  mascut!
  rake
  rr (~> 1.0)
  rspec (~> 2.7)
